PATH
  remote: .
  specs:
    gulpin (0.0.1)

GEM
  remote: https://rubygems.org/
  specs:
    minitest (5.16.3)
    rake (13.0.6)

PLATFORMS
  x86_64-darwin-21

DEPENDENCIES
  gulpin!
  minitest (~> 5.0)
  rake (~> 13.0)

BUNDLED WITH
   2.3.21
